GIT
  remote: git://github.com/keithpitt/fpm.git
  revision: 923677f3b186748c4c5324d05a10f5ce3056634c
  specs:
    fpm (1.3.2)
      arr-pm (~> 0.0.9)
      backports (>= 2.6.2)
      cabin (>= 0.6.0)
      childprocess
      clamp (~> 0.6)
      ffi
      json (>= 1.7.7)

GEM
  remote: https://rubygems.org/
  specs:
    arr-pm (0.0.9)
      cabin (> 0)
    aws-sdk (1.59.0)
      aws-sdk-v1 (= 1.59.0)
    aws-sdk-v1 (1.59.0)
      json (~> 1.4)
      nokogiri (>= 1.4.4)
    backports (3.6.4)
    cabin (0.6.1)
    childprocess (0.5.5)
      ffi (~> 1.0, >= 1.0.11)
    clamp (0.6.3)
    deb-s3 (0.6.2)
      aws-sdk (~> 1.18)
      thor (~> 0.18.0)
    ffi (1.15.0)
    json (1.8.1)
    mini_portile (0.6.1)
    nokogiri (1.6.5)
      mini_portile (~> 0.6.0)
    thor (0.18.1)

PLATFORMS
  ruby

DEPENDENCIES
  deb-s3
  fpm!
